GEM
  remote: https://rubygems.org/
  specs:
    POpen4 (0.1.4)
      Platform (>= 0.4.0)
      open4
    Platform (0.4.2)
    addressable (2.8.7)
      public_suffix (>= 2.0.2, < 7.0)
    adsf (1.5.2)
      rack (>= 1.0.0, < 4.0.0)
      rackup (~> 2.1)
    ast (2.4.2)
    backport (1.2.0)
    base64 (0.2.0)
    benchmark (0.3.0)
    clonefile (0.5.3)
    coderay (1.1.3)
    colored (1.2)
    concurrent-ruby (1.3.4)
    cri (2.15.12)
    ddmetrics (1.1.0)
    ddplugin (1.0.3)
    diff-lcs (1.5.1)
    e2mmap (0.1.0)
    execjs (2.9.1)
    ffi (1.17.0)
    html_compressor (0.0.3)
      POpen4 (>= 0.1.4)
    htmlentities (4.3.4)
    immutable-ruby (0.2.0)
      concurrent-ruby (~> 1.1)
      sorted_set (~> 1.0)
    jaro_winkler (1.6.0)
    json (2.7.2)
    json_schema (0.21.0)
    kramdown (2.4.0)
      rexml
    kramdown-parser-gfm (1.1.0)
      kramdown (~> 2.0)
    language_server-protocol (3.17.0.3)
    memo_wise (1.10.0)
    method_source (1.1.0)
    mini_portile2 (2.8.7)
    nanoc (4.13.0)
      addressable (~> 2.5)
      colored (~> 1.2)
      nanoc-checking (~> 1.0, >= 1.0.2)
      nanoc-cli (= 4.13.0)
      nanoc-core (= 4.13.0)
      nanoc-deploying (~> 1.0)
      parallel (~> 1.12)
      tty-command (~> 0.8)
      tty-which (~> 0.4)
    nanoc-checking (1.0.5)
      nanoc-cli (~> 4.12, >= 4.12.5)
      nanoc-core (~> 4.12, >= 4.12.5)
    nanoc-cli (4.13.0)
      cri (~> 2.15)
      diff-lcs (~> 1.3)
      nanoc-core (= 4.13.0)
      pry
      zeitwerk (~> 2.1)
    nanoc-core (4.13.0)
      base64 (~> 0.2)
      concurrent-ruby (~> 1.1)
      ddmetrics (~> 1.0)
      ddplugin (~> 1.0)
      immutable-ruby (~> 0.1)
      json_schema (~> 0.19)
      memo_wise (~> 1.5)
      psych (>= 4.0, < 6.0)
      slow_enumerator_tools (~> 1.0)
      tty-platform (~> 0.2)
      zeitwerk (~> 2.1)
    nanoc-deploying (1.0.2)
      nanoc-checking (~> 1.0)
      nanoc-cli (~> 4.11, >= 4.11.15)
      nanoc-core (~> 4.11, >= 4.11.15)
    nokogiri (1.16.7)
      mini_portile2 (~> 2.8.2)
      racc (~> 1.4)
    open4 (1.3.4)
    parallel (1.26.3)
    parser (3.3.5.0)
      ast (~> 2.4.1)
      racc
    pastel (0.8.0)
      tty-color (~> 0.5)
    pry (0.14.2)
      coderay (~> 1.1)
      method_source (~> 1.0)
    psych (5.1.2)
      stringio
    public_suffix (6.0.1)
    racc (1.8.1)
    rack (3.1.7)
    rackup (2.1.0)
      rack (>= 3)
      webrick (~> 1.8)
    rainbow (3.1.1)
    rainpress (1.0.1)
    rb-fsevent (0.11.2)
    rb-inotify (0.11.1)
      ffi (~> 1.0)
    rbs (2.8.4)
    rbtree (0.4.6)
    regexp_parser (2.9.2)
    reverse_markdown (2.1.1)
      nokogiri
    rexml (3.3.8)
    rouge (4.4.0)
    rubocop (1.66.1)
      json (~> 2.3)
      language_server-protocol (>= 3.17.0)
      parallel (~> 1.10)
      parser (>= 3.3.0.2)
      rainbow (>= 2.2.2, < 4.0)
      regexp_parser (>= 2.4, < 3.0)
      rubocop-ast (>= 1.32.2, < 2.0)
      ruby-progressbar (~> 1.7)
      unicode-display_width (>= 2.4.0, < 3.0)
    rubocop-ast (1.32.3)
      parser (>= 3.3.1.0)
    ruby-progressbar (1.13.0)
    sass (3.7.4)
      sass-listen (~> 4.0.0)
    sass-listen (4.0.0)
      rb-fsevent (~> 0.9, >= 0.9.4)
      rb-inotify (~> 0.9, >= 0.9.7)
    set (1.1.0)
    slow_enumerator_tools (1.1.0)
    solargraph (0.50.0)
      backport (~> 1.2)
      benchmark
      bundler (~> 2.0)
      diff-lcs (~> 1.4)
      e2mmap
      jaro_winkler (~> 1.5)
      kramdown (~> 2.3)
      kramdown-parser-gfm (~> 1.1)
      parser (~> 3.0)
      rbs (~> 2.0)
      reverse_markdown (~> 2.0)
      rubocop (~> 1.38)
      thor (~> 1.0)
      tilt (~> 2.0)
      yard (~> 0.9, >= 0.9.24)
    sorted_set (1.0.3)
      rbtree
      set (~> 1.0)
    stringex (2.8.6)
    stringio (3.1.1)
    systemu (2.6.5)
    thor (1.3.2)
    tilt (2.4.0)
    tty-color (0.6.0)
    tty-command (0.10.1)
      pastel (~> 0.8)
    tty-platform (0.3.0)
    tty-which (0.5.0)
    uglifier (4.2.1)
      execjs (>= 0.3.0, < 3)
    unicode-display_width (2.6.0)
    unicode-emoji (3.5.0)
      unicode-version (~> 1.0)
    unicode-version (1.4.0)
    w3c_validators (1.3.7)
      json (>= 1.8)
      nokogiri (~> 1.6)
      rexml (~> 3.2)
    webrick (1.8.2)
    yard (0.9.37)
    zeitwerk (2.6.18)

PLATFORMS
  ruby

DEPENDENCIES
  adsf
  clonefile
  html_compressor
  htmlentities
  kramdown
  nanoc (>= 4.11)
  nokogiri (>= 1.11.0)
  rack
  rainpress
  rouge
  sass
  solargraph
  stringex
  systemu
  uglifier
  unicode-emoji
  w3c_validators
  webrick

BUNDLED WITH
   2.4.14
